PATH
  remote: .
  specs:
    boxed-geminabox (1.1.0-java)
      fishwife (~> 1.5.2)
      geminabox (~> 0.12.2)
      hooker (~> 1.1.0)
      rjack-jetty (~> 9.1.1)
      rjack-logback (~> 1.6)

GEM
  remote: https://rubygems.org/
  specs:
    builder (3.2.2)
    fishwife (1.5.2-java)
      rack (~> 1.5.2)
      rjack-jetty (>= 9.0.0.5, < 9.2)
      rjack-slf4j (~> 1.7.2)
    geminabox (0.12.2)
      builder
      httpclient (>= 2.2.7)
      nesty
      sinatra (>= 1.2.7)
    hooker (1.1.0)
    httpclient (2.3.4.1)
    json (1.8.1-java)
    minitest (4.7.5)
    nesty (1.0.2)
    rack (1.5.2)
    rack-protection (1.5.2)
      rack
    rake (10.1.1)
    rdoc (4.1.1)
      json (~> 1.4)
    rjack-jetty (9.1.1.0-java)
    rjack-logback (1.6.1-java)
      rjack-slf4j (>= 1.6.5, < 1.8)
    rjack-maven (3.0.5.0-java)
    rjack-slf4j (1.7.5.0-java)
    rjack-tarpit (2.1.0-java)
      rake (>= 0.9.2.2, < 11)
      rdoc (>= 3.12, < 5)
      rjack-maven (~> 3.0.4)
    sinatra (1.4.4)
      rack (~> 1.4)
      rack-protection (~> 1.4)
      tilt (~> 1.3, >= 1.3.4)
    tilt (1.4.1)

PLATFORMS
  java

DEPENDENCIES
  boxed-geminabox!
  minitest (~> 4.7.4)
  rjack-tarpit (~> 2.1)
