PATH
  remote: .
  specs:
    boxed-geminabox (1.1.0-java)
      fishwife (~> 1.3.0)
      geminabox (~> 0.11.0)
      hooker (~> 1.0.0)
      rjack-jetty (~> 7.6.5)
      rjack-logback (~> 1.2)

GEM
  remote: https://rubygems.org/
  specs:
    builder (3.2.2)
    fishwife (1.3.2-java)
      rack (~> 1.4.1)
      rjack-jetty (>= 7.5.4, < 7.7)
      rjack-slf4j (>= 1.6.5, < 1.8)
    geminabox (0.11.1)
      builder
      httpclient (>= 2.2.7)
      nesty
      sinatra (>= 1.2.7)
    hooker (1.0.1)
    httpclient (2.3.4.1)
    json (1.8.1-java)
    minitest (2.11.4)
    nesty (1.0.2)
    rack (1.4.5)
    rack-protection (1.5.2)
      rack
    rake (10.1.1)
    rdoc (4.1.1)
      json (~> 1.4)
    rjack-jetty (7.6.14.0-java)
    rjack-logback (1.6.1-java)
      rjack-slf4j (>= 1.6.5, < 1.8)
    rjack-maven (3.0.5.0-java)
    rjack-slf4j (1.7.5.0-java)
    rjack-tarpit (2.1.0-java)
      rake (>= 0.9.2.2, < 11)
      rdoc (>= 3.12, < 5)
      rjack-maven (~> 3.0.4)
    sinatra (1.4.4)
      rack (~> 1.4)
      rack-protection (~> 1.4)
      tilt (~> 1.3, >= 1.3.4)
    tilt (1.4.1)

PLATFORMS
  java

DEPENDENCIES
  boxed-geminabox!
  minitest (~> 2.11.2)
  rjack-tarpit (~> 2.1)
