PATH
  remote: .
  specs:
    boxed-geminabox (1.0.b-java)
      fishwife (~> 1.3.0)
      geminabox (~> 0.5.2)
      hooker (~> 1.0.0)
      rjack-logback (~> 1.2)

GEM
  remote: http://rubygems.org/
  specs:
    bouncy-castle-java (1.5.0146.1)
    builder (3.0.0)
    fishwife (1.3.0-java)
      rack (~> 1.4.1)
      rjack-jetty (>= 7.5.4, < 7.7)
      rjack-slf4j (~> 1.6.1)
    geminabox (0.5.2)
      builder
      sinatra
    hooker (1.0.0)
    jruby-openssl (0.7.6.1)
      bouncy-castle-java (>= 1.5.0146.1)
    json (1.6.5-java)
    minitest (2.11.2)
    rack (1.4.1)
    rack-protection (1.2.0)
      rack
    rake (0.9.2.2)
    rdoc (3.12)
      json (~> 1.4)
    rjack-jetty (7.6.0.0-java)
    rjack-logback (1.3.0-java)
      rjack-slf4j (~> 1.6.0)
    rjack-maven (3.0.3.1-java)
    rjack-slf4j (1.6.4.0-java)
    rjack-tarpit (2.0.1-java)
      jruby-openssl (~> 0.7.4)
      rake (~> 0.9.2, >= 0.9.2.2)
      rdoc (~> 3.12)
      rjack-maven (~> 3.0.3)
    sinatra (1.3.2)
      rack (~> 1.3, >= 1.3.6)
      rack-protection (~> 1.2)
      tilt (~> 1.3, >= 1.3.3)
    tilt (1.3.3)

PLATFORMS
  java

DEPENDENCIES
  boxed-geminabox!
  minitest (~> 2.11.2)
  rjack-tarpit (~> 2.0)
